GEM
  remote: https://rubygems.org/
  specs:
    minitest (5.11.3)
    ruby-graphviz (1.2.4)

PLATFORMS
  ruby

DEPENDENCIES
  minitest
  ruby-graphviz

BUNDLED WITH
   2.0.1
